PATH
  remote: .
  specs:
    minitest-metadata (0.4.1)
      minitest (~> 5.2)

GEM
  remote: https://rubygems.org/
  specs:
    coderay (1.1.0)
    method_source (0.8.2)
    minitest (5.2.3)
    pry (0.9.12.6)
      coderay (~> 1.0)
      method_source (~> 0.8)
      slop (~> 3.4)
    rake (0.9.2.2)
    slop (3.4.7)

PLATFORMS
  ruby

DEPENDENCIES
  minitest
  minitest-metadata!
  pry
  rake
